GEM
  remote: https://rubygems.org/
  specs:
    backports (3.6.4)
    nmatrix (0.1.0)
      packable (~> 1.3, >= 1.3.5)
      rdoc (~> 4.0, >= 4.0.1)
    packable (1.3.6)
      backports
    rdoc (4.2.0)
    rmagick (2.15.0)
    thor (0.19.1)

PLATFORMS
  ruby

DEPENDENCIES
  nmatrix
  rmagick
  thor

BUNDLED WITH
   1.10.4
